PATH
  remote: .
  specs:
    auto_tagger (0.1.5)
      capistrano (>= 2.5.3)

GEM
  remote: http://rubygems.org/
  specs:
    builder (2.1.2)
    capistrano (2.5.18)
      highline
      net-scp (>= 1.0.0)
      net-sftp (>= 2.0.0)
      net-ssh (>= 2.0.14)
      net-ssh-gateway (>= 1.0.0)
    capistrano-ext (1.2.1)
      capistrano (>= 1.0.0)
    cucumber (0.6.4)
      builder (>= 2.1.2)
      diff-lcs (>= 1.1.2)
      json_pure (>= 1.2.0)
      polyglot (>= 0.2.9)
      term-ansicolor (>= 1.0.4)
      treetop (>= 1.4.2)
    diff-lcs (1.1.2)
    highline (1.6.1)
    json_pure (1.4.3)
    net-scp (1.0.2)
      net-ssh (>= 1.99.1)
    net-sftp (2.0.4)
      net-ssh (>= 2.0.9)
    net-ssh (2.0.23)
    net-ssh-gateway (1.0.1)
      net-ssh (>= 1.99.1)
    polyglot (0.3.1)
    rr (0.8.1)
    rspec (1.3.0)
    term-ansicolor (1.0.5)
    treetop (1.4.8)
      polyglot (>= 0.3.1)

PLATFORMS
  ruby

DEPENDENCIES
  auto_tagger!
  capistrano (>= 2.5.3)
  capistrano-ext (= 1.2.1)
  cucumber (= 0.6.4)
  rr (= 0.8.1)
  rspec (= 1.3.0)
